GIT
  remote: http://github.com/pophealth/quality-measure-engine.git
  revision: f47a234504fcaacb850973b8e5886dbf179631a0
  branch: develop
  specs:
    quality-measure-engine (0.8.1)
      mongo (~> 1.3)
      nokogiri (~> 1.4.4)
      resque (~> 1.15.0)
      resque-status (~> 0.2.3)
      rubyzip (~> 0.9.4)

GEM
  remote: http://rubygems.org/
  specs:
    bson (1.3.1)
    bson (1.3.1-java)
    json (1.4.6)
    json (1.4.6-java)
    macaddr (1.0.0)
    mongo (1.3.1)
      bson (>= 1.3.1)
    nokogiri (1.4.4)
    nokogiri (1.4.4-java)
      weakling (>= 0.0.3)
    rack (1.3.0)
    rake (0.9.1)
    redis (2.2.0)
    redis-namespace (1.0.3)
      redis (< 3.0.0)
    redisk (0.2.2)
      redis (>= 0.1.1)
      redis-namespace (>= 0.1.0)
    resque (1.15.0)
      json (~> 1.4.6)
      redis-namespace (>= 0.10.0)
      sinatra (>= 0.9.2)
      vegas (~> 0.1.2)
    resque-status (0.2.3)
      redisk (>= 0.2.1)
      resque (>= 1.3.1)
      uuid (>= 2.0.2)
    rubyzip (0.9.4)
    sinatra (1.2.6)
      rack (~> 1.1)
      tilt (>= 1.2.2, < 2.0)
    tilt (1.3.2)
    uuid (2.3.2)
      macaddr (~> 1.0)
    vegas (0.1.8)
      rack (>= 1.0.0)
    weakling (0.0.4-java)

PLATFORMS
  java
  ruby

DEPENDENCIES
  quality-measure-engine!
  rake
